PATH
  remote: .
  specs:
    pdf_label (0.1.0)
      prawn (~> 2.2.2)

GEM
  remote: https://rubygems.org/
  specs:
    minitest (5.14.4)
    pdf-core (0.7.0)
    prawn (2.2.2)
      pdf-core (~> 0.7.0)
      ttfunk (~> 1.5)
    rake (13.0.6)
    ttfunk (1.7.0)

PLATFORMS
  x86_64-darwin-19

DEPENDENCIES
  minitest (~> 5.1)
  pdf_label!
  rake (~> 13.0)

BUNDLED WITH
   2.2.16
